{
  "Modality": "MR",
  "MagneticFieldStrength": 3,
  "ImagingFrequency": 123.211421,
  "Manufacturer": "Siemens",
  "ManufacturersModelName": "Skyra_fit",
  "InstitutionName": "HiroshimaCOI",
  "InstitutionalDepartmentName": "Chugoku",
  "InstitutionAddress": "Minami-ku Kasumi 1-2-3,/Hiroshima-shi/,Hiroshima,JP,734-0037",
  "DeviceSerialNumber": "170071",
  "StationName": "AWP60072",
  "BodyPartExamined": "BRAIN",
  "PatientPosition": "HFS",
  "ProcedureStepDescription": "Maekawa^COI_Music",
  "SoftwareVersions": "syngo MR E11",
  "MRAcquisitionType": "2D",
  "SeriesDescription": "mbep2d_TR1_MB3_4mmx42_1800_FOV192",
  "ProtocolName": "mbep2d_TR1_MB3_4mmx42_1800_FOV192",
  "ScanningSequence": "EP",
  "SequenceVariant": "SK\\SS",
  "ScanOptions": "FS\\EXT",
  "SequenceName": "epfid2d1_64",
  "ImageType": [
    "ORIGINAL",
    "PRIMARY",
    "M",
    "MB",
    "ND",
    "MOSAIC"
  ],
  "NonlinearGradientCorrection": false,
  "SeriesNumber": 21,
  "AcquisitionTime": "17:04:39.712500",
  "AcquisitionNumber": 1,
  "ImageComments": "Unaliased MB3/PE3",
  "SliceThickness": 3.2,
  "SpacingBetweenSlices": 4,
  "SAR": 0.145211,
  "EchoTime": 0.03,
  "RepetitionTime": 1,
  "FlipAngle": 80,
  "PartialFourier": 1,
  "BaseResolution": 64,
  "ShimSetting": [
    6075,
    -3554,
    3736,
    619,
    147,
    78,
    26,
    -24
  ],
  "TxRefAmp": 323.863,
  "PhaseResolution": 1,
  "ReceiveCoilName": "HeadNeck_20",
  "ReceiveCoilActiveElements": "HE2,4;NE2",
  "PulseSequenceDetails": "%CustomerSeq%\\cmrr_mbep2d_bold",
  "WipMemBlock": "b8aabed1-abe8-480a-8abf-8a2fbd7e7fe7||Sequence: R016 ve11c/master r/e634e98; Dec 19 2017 11:00:25 by eja",
  "CoilCombinationMethod": "Sum of Squares",
  "ConsistencyInfo": "N4_VE11C_LATEST_20160120",
  "MatrixCoilMode": "SENSE",
  "MultibandAccelerationFactor": 3,
  "PercentPhaseFOV": 100,
  "PercentSampling": 100,
  "EchoTrainLength": 64,
  "PhaseEncodingSteps": 64,
  "AcquisitionMatrixPE": 64,
  "ReconMatrixPE": 64,
  "BandwidthPerPixelPhaseEncode": 29.481,
  "EffectiveEchoSpacing": 0.000530002,
  "DerivedVendorReportedEchoSpacing": 0.000530002,
  "TotalReadoutTime": 0.0333901,
  "PixelBandwidth": 2365,
  "DwellTime": 3.3E-6,
  "PhaseEncodingDirection": "j-",
  "SliceTiming": [
    0,
    0.0675,
    0.1375,
    0.2075,
    0.2775,
    0.3475,
    0.4175,
    0.4875,
    0.5575,
    0.6275,
    0.6975,
    0.7675,
    0.8375,
    0.9075,
    0,
    0.0675,
    0.1375,
    0.2075,
    0.2775,
    0.3475,
    0.4175,
    0.4875,
    0.5575,
    0.6275,
    0.6975,
    0.7675,
    0.8375,
    0.9075,
    0,
    0.0675,
    0.1375,
    0.2075,
    0.2775,
    0.3475,
    0.4175,
    0.4875,
    0.5575,
    0.6275,
    0.6975,
    0.7675,
    0.8375,
    0.9075
  ],
  "ImageOrientationPatientDICOM": [
    1,
    0,
    0,
    0,
    0.997053,
    -0.076719
  ],
  "ImageOrientationText": "Tra>Cor(-4.4)",
  "InPlanePhaseEncodingDirectionDICOM": "COL",
  "ConversionSoftware": "dcm2niix",
  "ConversionSoftwareVersion": "v1.0.20230411",
  "Dcm2bidsVersion": "3.1.1",
  "TaskName": "music"
}