{
  "Modality": "MR",
  "MagneticFieldStrength": 3,
  "ImagingFrequency": 123.210766,
  "Manufacturer": "Siemens",
  "ManufacturersModelName": "Skyra_fit",
  "InstitutionName": "HiroshimaCOI",
  "InstitutionalDepartmentName": "Chugoku",
  "InstitutionAddress": "Minami-ku Kasumi 1-2-3,/Hiroshima-shi/,Hiroshima,JP,734-0037",
  "DeviceSerialNumber": "170071",
  "StationName": "AWP60072",
  "BodyPartExamined": "BRAIN",
  "PatientPosition": "HFS",
  "ProcedureStepDescription": "Maekawa^COI_Music",
  "SoftwareVersions": "syngo MR E11",
  "MRAcquisitionType": "2D",
  "SeriesDescription": "mbep2d_TR1_MB3_4mmx42_1800_FOV192",
  "ProtocolName": "mbep2d_TR1_MB3_4mmx42_1800_FOV192",
  "ScanningSequence": "EP",
  "SequenceVariant": "SK\\SS",
  "ScanOptions": "FS\\EXT",
  "SequenceName": "epfid2d1_64",
  "ImageType": [
    "ORIGINAL",
    "PRIMARY",
    "M",
    "MB",
    "ND",
    "MOSAIC"
  ],
  "NonlinearGradientCorrection": false,
  "SeriesNumber": 20,
  "AcquisitionTime": "14:32:30.940000",
  "AcquisitionNumber": 1,
  "ImageComments": "Unaliased MB3/PE3",
  "SliceThickness": 3.2,
  "SpacingBetweenSlices": 4,
  "SAR": 0.145446,
  "EchoTime": 0.03,
  "RepetitionTime": 1,
  "FlipAngle": 80,
  "PartialFourier": 1,
  "BaseResolution": 64,
  "ShimSetting": [
    6044,
    -3517,
    3652,
    468,
    71,
    -53,
    -322,
    -90
  ],
  "TxRefAmp": 312.795,
  "PhaseResolution": 1,
  "ReceiveCoilName": "HeadNeck_20",
  "ReceiveCoilActiveElements": "HE1-4;NE1,2",
  "PulseSequenceDetails": "%CustomerSeq%\\cmrr_mbep2d_bold",
  "WipMemBlock": "e0e66b0f-70bf-46d5-82cf-36b19cce9f17||Sequence: R016 ve11c/master r/e634e98; Dec 19 2017 11:00:25 by eja",
  "CoilCombinationMethod": "Sum of Squares",
  "ConsistencyInfo": "N4_VE11C_LATEST_20160120",
  "MatrixCoilMode": "SENSE",
  "MultibandAccelerationFactor": 3,
  "PercentPhaseFOV": 100,
  "PercentSampling": 100,
  "EchoTrainLength": 64,
  "PhaseEncodingSteps": 64,
  "AcquisitionMatrixPE": 64,
  "ReconMatrixPE": 64,
  "BandwidthPerPixelPhaseEncode": 29.481,
  "EffectiveEchoSpacing": 0.000530002,
  "DerivedVendorReportedEchoSpacing": 0.000530002,
  "TotalReadoutTime": 0.0333901,
  "PixelBandwidth": 2365,
  "DwellTime": 3.3E-6,
  "PhaseEncodingDirection": "j-",
  "SliceTiming": [
    0,
    0.07,
    0.14,
    0.21,
    0.28,
    0.35,
    0.42,
    0.49,
    0.56,
    0.63,
    0.7,
    0.77,
    0.84,
    0.91,
    0,
    0.07,
    0.14,
    0.21,
    0.28,
    0.35,
    0.42,
    0.49,
    0.56,
    0.63,
    0.7,
    0.77,
    0.84,
    0.91,
    0,
    0.07,
    0.14,
    0.21,
    0.28,
    0.35,
    0.42,
    0.49,
    0.56,
    0.63,
    0.7,
    0.77,
    0.84,
    0.91
  ],
  "ImageOrientationPatientDICOM": [
    1,
    0,
    0,
    0,
    0.998537,
    -0.0540788
  ],
  "ImageOrientationText": "Tra>Cor(-3.1)",
  "InPlanePhaseEncodingDirectionDICOM": "COL",
  "ConversionSoftware": "dcm2niix",
  "ConversionSoftwareVersion": "v1.0.20230411",
  "Dcm2bidsVersion": "3.1.1",
  "TaskName": "music"
}